GEM
  remote: https://rubygems.org/
  specs:
    zeitwerk (2.6.8)

PLATFORMS
  x86_64-darwin-22

DEPENDENCIES
  zeitwerk

BUNDLED WITH
   2.4.12
